GEM
  remote: http://rubygems.org/
  specs:
    addressable (2.2.6)
    capistrano (2.8.0)
      highline
      net-scp (>= 1.0.0)
      net-sftp (>= 2.0.0)
      net-ssh (>= 2.0.14)
      net-ssh-gateway (>= 1.1.0)
    capybara (0.4.1.2)
      celerity (>= 0.7.9)
      culerity (>= 0.2.4)
      mime-types (>= 1.16)
      nokogiri (>= 1.3.3)
      rack (>= 1.0.0)
      rack-test (>= 0.5.4)
      selenium-webdriver (>= 0.0.27)
      xpath (~> 0.1.3)
    capybara-mechanize (0.2.7)
      capybara (~> 0.4.0)
      mechanize (~> 1.0.0)
    celerity (0.8.9)
    childprocess (0.2.0)
      ffi (~> 1.0.6)
    configatron (2.8.2)
      yamler (>= 0.1.0)
    cover_me (1.1.1)
      configatron
      hashie
    culerity (0.2.15)
    daemons (1.1.4)
    diff-lcs (1.1.2)
    eventmachine (0.12.10)
    ffi (1.0.9)
    ffi (1.0.9-java)
    fuubar (0.0.5)
      rspec (~> 2.0)
      rspec-instafail (~> 0.1.4)
      ruby-progressbar (~> 0.0.10)
    hashie (1.1.0)
    highline (1.6.2)
    json_pure (1.5.3)
    launchy (2.0.5)
      addressable (~> 2.2.6)
    mechanize (1.0.0)
      nokogiri (>= 1.2.1)
    mime-types (1.16)
    net-scp (1.0.4)
      net-ssh (>= 1.99.1)
    net-sftp (2.0.5)
      net-ssh (>= 2.0.9)
    net-ssh (2.1.4)
    net-ssh-gateway (1.1.0)
      net-ssh (>= 1.99.1)
    nokogiri (1.4.7)
    nokogiri (1.4.7-java)
      weakling (>= 0.0.3)
    pit (0.0.6)
    rack (1.3.2)
    rack-test (0.6.1)
      rack (>= 1.0)
    rake (0.9.2)
    rcov (0.9.10)
    rspec (2.6.0)
      rspec-core (~> 2.6.0)
      rspec-expectations (~> 2.6.0)
      rspec-mocks (~> 2.6.0)
    rspec-core (2.6.4)
    rspec-expectations (2.6.0)
      diff-lcs (~> 1.1.2)
    rspec-instafail (0.1.8)
    rspec-mocks (2.6.0)
    ruby-progressbar (0.0.10)
    rubyzip (0.9.4)
    selenium-webdriver (2.3.2)
      childprocess (>= 0.1.9)
      ffi (>= 1.0.7)
      json_pure
      rubyzip
    steak (1.1.0)
      rspec (>= 1.3)
    thin (1.2.11)
      daemons (>= 1.0.9)
      eventmachine (>= 0.12.6)
      rack (>= 1.0.0)
    weakling (0.0.4-java)
    xpath (0.1.4)
      nokogiri (~> 1.3)
    yamler (0.1.0)

PLATFORMS
  java
  ruby

DEPENDENCIES
  capistrano
  capybara
  capybara-mechanize
  cover_me
  fuubar
  launchy
  nokogiri (~> 1.4.7)
  pit
  rack
  rake
  rcov
  rspec
  steak
  thin
